STORAGE: NONE
RESTRICTION: >= net461
NUGET
  remote: https://api.nuget.org/v3/index.json
    FSharp.Core (4.7.2)

GROUP Build
NUGET
  remote: https://www.nuget.org/api/v2
    FAKE (5.16)
